GEM
  remote: https://www.rubygems.org/
  specs:
    appium_console (2.12.0)
      appium_lib (~> 10.0)
      bond (~> 0.5)
      pry (~> 0.12.0)
      spec (~> 5.3, >= 5.3.1)
      thor (~> 0.19)
    appium_lib (10.4.0)
      appium_lib_core (~> 3.2)
      nokogiri (~> 1.8, >= 1.8.1)
      tomlrb (~> 1.1)
    appium_lib_core (3.2.2)
      faye-websocket (~> 0.10.0)
      selenium-webdriver (~> 3.14, >= 3.14.1)
    bond (0.5.1)
    childprocess (1.0.1)
      rake (< 13.0)
    chronic_duration (0.10.6)
      numerizer (~> 0.1.1)
    coderay (1.1.2)
    colorize (0.8.1)
    concurrent-ruby (1.1.5)
    diff-lcs (1.3)
    domain_name (0.5.20190701)
      unf (>= 0.0.5, < 1.0.0)
    eventmachine (1.2.7)
    faye-websocket (0.10.9)
      eventmachine (>= 0.12.0)
      websocket-driver (>= 0.5.1)
    hiptest-publisher (1.23.1)
      colorize (~> 0.7, >= 0.7.5)
      i18n (~> 0.7, >= 0.7.0)
      multipart-post (~> 2.0, >= 2.0.0)
      nokogiri (~> 1.8)
      parseconfig (~> 1.0, >= 1.0.4)
      ruby-handlebars (~> 0.0.2)
      ruby_version (~> 1)
    http-cookie (1.0.3)
      domain_name (~> 0.5)
    i18n (0.9.5)
      concurrent-ruby (~> 1.0)
    method_source (0.9.2)
    mime-types (3.2.2)
      mime-types-data (~> 3.2015)
    mime-types-data (3.2019.0331)
    mini_portile2 (2.6.1)
    multipart-post (2.1.1)
    netrc (0.11.0)
    nokogiri (1.12.5)
      mini_portile2 (~> 2.6.1)
      racc (~> 1.4)
    numerizer (0.1.1)
    parseconfig (1.0.8)
    parslet (1.8.2)
    power_assert (1.1.4)
    pry (0.12.2)
      coderay (~> 1.1.0)
      method_source (~> 0.9.0)
    racc (1.5.2)
    rake (12.3.3)
    rest-client (2.0.2)
      http-cookie (>= 1.0.2, < 2.0)
      mime-types (>= 1.16, < 4.0)
      netrc (~> 0.8)
    rspec (3.8.0)
      rspec-core (~> 3.8.0)
      rspec-expectations (~> 3.8.0)
      rspec-mocks (~> 3.8.0)
    rspec-core (3.8.2)
      rspec-support (~> 3.8.0)
    rspec-expectations (3.8.4)
      diff-lcs (>= 1.2.0, < 2.0)
      rspec-support (~> 3.8.0)
    rspec-mocks (3.8.1)
      diff-lcs (>= 1.2.0, < 2.0)
      rspec-support (~> 3.8.0)
    rspec-support (3.8.2)
    ruby-handlebars (0.0.6)
      colorize (~> 0.7, >= 0.7.5)
      parslet (~> 1.6, >= 1.6.2)
    ruby_version (1.0.1)
    rubyzip (1.2.3)
    selenium-webdriver (3.142.3)
      childprocess (>= 0.5, < 2.0)
      rubyzip (~> 1.2, >= 1.2.2)
    spec (5.3.4)
      chronic_duration (~> 0.10.2)
    test-unit (3.3.3)
      power_assert
    thor (0.20.3)
    tomlrb (1.2.8)
    unf (0.1.4)
      unf_ext
    unf_ext (0.0.7.6)
    websocket-driver (0.7.1)
      websocket-extensions (>= 0.1.0)
    websocket-extensions (0.1.4)

PLATFORMS
  ruby

DEPENDENCIES
  appium_console
  appium_lib
  hiptest-publisher
  pry
  rest-client
  rspec
  rspec-expectations
  spec
  test-unit

BUNDLED WITH
   2.0.2
